PATH
  remote: .
  specs:
    dopi (0.18.2)
      curses (~> 1)
      dop_common (~> 0.15, >= 0.15.0)
      gli (~> 2)
      logger-colors (~> 1)
      mcollective-client (~> 2)
      parallel (~> 1)
      winrm (~> 2)

GEM
  remote: https://rubygems.org/
  specs:
    builder (3.2.3)
    curses (1.2.2)
    diff-lcs (1.3)
    docile (1.1.5)
    dop_common (0.15.1)
      hashdiff (~> 0.3, >= 0.3.1)
      lockfile (~> 2)
      rb-inotify (~> 0.9)
    erubis (2.7.0)
    ffi (1.9.18)
    gli (2.16.0)
    gssapi (1.2.0)
      ffi (>= 1.0.1)
    gyoku (1.3.1)
      builder (>= 2.1.2)
    hashdiff (0.3.4)
    hiera (3.4.0)
    httpclient (2.8.3)
    json (2.1.0)
    little-plugger (1.1.4)
    lockfile (2.1.3)
    logger-colors (1.0.0)
    logging (2.2.2)
      little-plugger (~> 1.1)
      multi_json (~> 1.10)
    mcollective-client (2.11.0)
      json
      stomp
      systemu
    mixlib-shellout (2.2.7)
    multi_json (1.12.1)
    nori (2.6.0)
    parallel (1.11.2)
    rake (12.0.0)
    rb-inotify (0.9.10)
      ffi (>= 0.5.0, < 2)
    rspec (3.6.0)
      rspec-core (~> 3.6.0)
      rspec-expectations (~> 3.6.0)
      rspec-mocks (~> 3.6.0)
    rspec-command (1.0.3)
      mixlib-shellout (~> 2.0)
      rspec (~> 3.2)
      rspec-its (~> 1.2)
    rspec-core (3.6.0)
      rspec-support (~> 3.6.0)
    rspec-expectations (3.6.0)
      diff-lcs (>= 1.2.0, < 2.0)
      rspec-support (~> 3.6.0)
    rspec-its (1.2.0)
      rspec-core (>= 3.0.0)
      rspec-expectations (>= 3.0.0)
    rspec-mocks (3.6.0)
      diff-lcs (>= 1.2.0, < 2.0)
      rspec-support (~> 3.6.0)
    rspec-support (3.6.0)
    rubyntlm (0.6.2)
    simplecov (0.14.1)
      docile (~> 1.1.0)
      json (>= 1.8, < 3)
      simplecov-html (~> 0.10.0)
    simplecov-html (0.10.1)
    stomp (1.4.4)
    systemu (2.6.5)
    winrm (2.2.3)
      builder (>= 2.1.2)
      erubis (~> 2.7)
      gssapi (~> 1.2)
      gyoku (~> 1.0)
      httpclient (~> 2.2, >= 2.2.0.2)
      logging (>= 1.6.1, < 3.0)
      nori (~> 2.0)
      rubyntlm (~> 0.6.0, >= 0.6.1)

PLATFORMS
  ruby

DEPENDENCIES
  bundler (~> 1.3)
  dopi!
  hiera
  rake
  rspec
  rspec-command
  rspec-mocks
  simplecov

BUNDLED WITH
   1.14.3
